GEM
  remote: http://rubygems.org/
  specs:
    addressable (2.2.7)
    coffee-script (2.2.0)
      coffee-script-source
      execjs
    coffee-script-source (1.3.3)
    crack (0.1.8)
    daemons (1.1.3)
    eventmachine (0.12.10)
    execjs (1.4.0)
      multi_json (~> 1.0)
    faraday (0.7.6)
      addressable (~> 2.2)
      multipart-post (~> 1.1)
      rack (~> 1.1)
    foreman (0.51.0)
      thor (>= 0.13.6)
    httparty (0.7.8)
      crack (= 0.1.8)
    json (1.5.4)
    koala (1.3.0)
      faraday (~> 0.7.0)
      multi_json (~> 1.0)
    multi_json (1.0.3)
    multipart-post (1.1.5)
    rack (1.3.2)
    sass (3.1.20)
    sinatra (1.2.6)
      rack (~> 1.1)
      tilt (>= 1.2.2, < 2.0)
    thin (1.2.11)
      daemons (>= 1.0.9)
      eventmachine (>= 0.12.6)
      rack (>= 1.0.0)
    thor (0.15.4)
    tilt (1.3.3)

PLATFORMS
  ruby

DEPENDENCIES
  coffee-script
  foreman
  httparty
  json
  koala
  sass
  sinatra
  thin
